PATH
  remote: ../hammer-cli-foreman
  specs:
    hammer_cli_foreman (0.17.pre.develop)
      apipie-bindings (>= 0.2.2)
      hammer_cli (>= 0.16.0)
      rest-client (>= 1.8.0, < 3.0.0)

PATH
  remote: .
  specs:
    hammer_cli_foreman_kubevirt (0.0.1)
      hammer_cli_foreman

GEM
  remote: https://rubygems.org/
  specs:
    apipie-bindings (0.2.3)
      json (>= 1.2.1)
      oauth
      rest-client (>= 1.6.5, < 3.0.0)
    awesome_print (1.8.0)
    binding_of_caller (0.8.0)
      debug_inspector (>= 0.0.1)
    byebug (10.0.2)
    clamp (1.1.2)
    coderay (1.1.2)
    debug_inspector (0.0.3)
    domain_name (0.5.20180417)
      unf (>= 0.0.5, < 1.0.0)
    fast_gettext (2.0.0)
    gettext (3.2.9)
      locale (>= 2.0.5)
      text (>= 1.3.0)
    hammer_cli (0.16.0)
      apipie-bindings (>= 0.2.0)
      awesome_print
      clamp (>= 1.1, < 1.2.0)
      fast_gettext
      highline
      locale (>= 2.0.6)
      logging
      unicode
      unicode-display_width
    highline (2.0.1)
    http-cookie (1.0.3)
      domain_name (~> 0.5)
    interception (0.5)
    json (2.1.0)
    little-plugger (1.1.4)
    locale (2.1.2)
    logging (2.2.2)
      little-plugger (~> 1.1)
      multi_json (~> 1.10)
    method_source (0.9.2)
    mime-types (3.2.2)
      mime-types-data (~> 3.2015)
    mime-types-data (3.2018.0812)
    multi_json (1.13.1)
    netrc (0.11.0)
    oauth (0.5.4)
    pry (0.12.2)
      coderay (~> 1.1.0)
      method_source (~> 0.9.0)
    pry-byebug (3.6.0)
      byebug (~> 10.0)
      pry (~> 0.10)
    pry-rescue (1.5.0)
      interception (>= 0.5)
      pry (>= 0.12.0)
    pry-stack_explorer (0.4.9.3)
      binding_of_caller (>= 0.7)
      pry (>= 0.9.11)
    rake (10.1.1)
    rest-client (2.0.2)
      http-cookie (>= 1.0.2, < 2.0)
      mime-types (>= 1.16, < 4.0)
      netrc (~> 0.8)
    text (1.3.1)
    unf (0.1.4)
      unf_ext
    unf_ext (0.0.7.5)
    unicode (0.4.4.4)
    unicode-display_width (1.4.1)

PLATFORMS
  ruby

DEPENDENCIES
  gettext (>= 3.1.3, < 4.0.0)
  hammer_cli_foreman!
  hammer_cli_foreman_kubevirt!
  pry-byebug
  pry-rescue
  pry-stack_explorer
  rake (~> 10.1.0)

BUNDLED WITH
   1.17.1
